GEM
  remote: https://rubygems.org/
  specs:
    ProMotion (1.1.2)
      methadone
    methadone (1.3.2)
      bundler
    rake (10.1.1)

PLATFORMS
  ruby

DEPENDENCIES
  ProMotion (~> 1.1.2)
  rake
